STORAGE: NONE
RESTRICTION: == netstandard2.0
NUGET
  remote: https://www.nuget.org/api/v2
    Fable.Core (1.3.12)
      FSharp.Core (>= 4.2.3)
      NETStandard.Library (>= 1.6.1)
    Fable.Elmish (1.0.1)
      Fable.Core (>= 1.2.4)
      Fable.PowerPack (>= 1.3)
      FSharp.Core (>= 4.2.3)
    Fable.Elmish.Browser (1.0)
      Fable.Core (>= 1.2.4)
      Fable.Elmish (>= 1.0)
      Fable.Import.Browser (>= 0.1)
      FSharp.Core (>= 4.2.3)
    Fable.Elmish.Debugger (1.0.1)
      Fable.Core (>= 1.3.1)
      Fable.Elmish (>= 1.0)
      FSharp.Core (>= 4.2.3)
    Fable.Elmish.HMR (1.0)
      Fable.Core (>= 1.2.4)
      Fable.Elmish (>= 0.9.2)
      FSharp.Core (>= 4.2.3)
    Fable.Elmish.React (1.0.3)
      Fable.Core (>= 1.3.8)
      Fable.Elmish (>= 1.0.1)
      Fable.PowerPack (>= 1.3.2)
      Fable.React (>= 2.0)
      FSharp.Core (>= 4.2.3)
    Fable.Import.Browser (1.1.2)
      Fable.Core (>= 1.3.8)
    Fable.PowerPack (1.4)
      Fable.Core (>= 1.3.8)
      Fable.Import.Browser (>= 1.0)
      FSharp.Core (>= 4.2.3)
    Fable.React (3.1.2)
      Fable.Core (>= 1.3.12)
      Fable.Import.Browser (>= 1.1.1)
    FSharp.Core (4.3.4) - redirects: force
    Fulma (1.0.0-beta-015)
      Fable.Core (>= 1.3.12)
      Fable.React (>= 3.1)
    Microsoft.NETCore.Platforms (2.0.2)
    NETStandard.Library (2.0.2)
      Microsoft.NETCore.Platforms (>= 1.1)
    Thoth.Json (1.0)
      Fable.Core (>= 1.3.12)
      FSharp.Core (>= 4.3.4)

GROUP netcorebuild
STORAGE: NONE
RESTRICTION: == netstandard2.0
NUGET
  remote: https://www.nuget.org/api/v2
    dotnet-fable (1.3.15) - clitool: true
    dotnet-fake (5.0.0-rc007) - clitool: true
    Fake.Core.CommandLineParsing (5.0.0-rc007)
      FParsec (>= 1.0.3)
      FSharp.Core (>= 4.3.4)
    Fake.Core.Context (5.0.0-rc007)
      FSharp.Core (>= 4.3.4)
    Fake.Core.Environment (5.0.0-rc007)
      FSharp.Core (>= 4.3.4)
    Fake.Core.Process (5.0.0-rc007)
      Fake.Core.Context (>= 5.0.0-rc007)
      Fake.Core.Environment (>= 5.0.0-rc007)
      Fake.Core.String (>= 5.0.0-rc007)
      Fake.Core.Trace (>= 5.0.0-rc007)
      Fake.IO.FileSystem (>= 5.0.0-rc007)
      FSharp.Core (>= 4.3.4)
      System.Diagnostics.Process (>= 4.3)
    Fake.Core.ReleaseNotes (5.0.0-rc007)
      Fake.Core.SemVer (>= 5.0.0-rc007)
      Fake.Core.String (>= 5.0.0-rc007)
      FSharp.Core (>= 4.3.4)
    Fake.Core.SemVer (5.0.0-rc007)
      Fake.Core.String (>= 5.0.0-rc007)
      FSharp.Core (>= 4.3.4)
      System.Runtime.Numerics (>= 4.3)
    Fake.Core.String (5.0.0-rc007)
      FSharp.Core (>= 4.3.4)
    Fake.Core.Target (5.0.0-rc007)
      Fake.Core.CommandLineParsing (>= 5.0.0-rc007)
      Fake.Core.Context (>= 5.0.0-rc007)
      Fake.Core.Environment (>= 5.0.0-rc007)
      Fake.Core.String (>= 5.0.0-rc007)
      Fake.Core.Trace (>= 5.0.0-rc007)
      FSharp.Core (>= 4.3.4)
    Fake.Core.Trace (5.0.0-rc007)
      Fake.Core.Context (>= 5.0.0-rc007)
      Fake.Core.Environment (>= 5.0.0-rc007)
      Fake.Core.String (>= 5.0.0-rc007)
      FSharp.Core (>= 4.3.4)
    Fake.DotNet.Cli (5.0.0-rc007)
      Fake.Core.Context (>= 5.0.0-rc007)
      Fake.Core.Environment (>= 5.0.0-rc007)
      Fake.Core.Process (>= 5.0.0-rc007)
      Fake.Core.String (>= 5.0.0-rc007)
      Fake.Core.Trace (>= 5.0.0-rc007)
      Fake.IO.FileSystem (>= 5.0.0-rc007)
      FSharp.Core (>= 4.3.4)
      Newtonsoft.Json (>= 11.0.2)
    Fake.DotNet.Paket (5.0.0-rc007)
      Fake.Core.Context (>= 5.0.0-rc007)
      Fake.Core.Environment (>= 5.0.0-rc007)
      Fake.Core.Process (>= 5.0.0-rc007)
      Fake.Core.String (>= 5.0.0-rc007)
      Fake.Core.Trace (>= 5.0.0-rc007)
      Fake.IO.FileSystem (>= 5.0.0-rc007)
      FSharp.Core (>= 4.3.4)
    Fake.IO.FileSystem (5.0.0-rc007)
      Fake.Core.String (>= 5.0.0-rc007)
      FSharp.Core (>= 4.3.4)
      System.Diagnostics.FileVersionInfo (>= 4.3)
      System.IO.FileSystem.Watcher (>= 4.3)
    Fake.JavaScript.Yarn (5.0.0-rc007)
      Fake.Core.Environment (>= 5.0.0-rc007)
      Fake.Core.Process (>= 5.0.0-rc007)
      Fake.IO.FileSystem (>= 5.0.0-rc007)
      FSharp.Core (>= 4.3.4)
    Fake.Tools.Git (5.0.0-rc007)
      Fake.Core.Context (>= 5.0.0-rc007)
      Fake.Core.Environment (>= 5.0.0-rc007)
      Fake.Core.Process (>= 5.0.0-rc007)
      Fake.Core.SemVer (>= 5.0.0-rc007)
      Fake.Core.String (>= 5.0.0-rc007)
      Fake.Core.Trace (>= 5.0.0-rc007)
      Fake.IO.FileSystem (>= 5.0.0-rc007)
      FSharp.Core (>= 4.3.4)
    FParsec (1.0.3)
      FSharp.Core (>= 4.2.3)
      NETStandard.Library (>= 1.6.1)
    FSharp.Core (4.3.4)
    Microsoft.NETCore.Platforms (2.0.2)
    Microsoft.NETCore.Targets (2.0)
    Microsoft.Win32.Primitives (4.3)
      Microsoft.NETCore.Platforms (>= 1.1)
      Microsoft.NETCore.Targets (>= 1.1)
      System.Runtime (>= 4.3)
    Microsoft.Win32.Registry (4.4)
      System.Security.AccessControl (>= 4.4)
      System.Security.Principal.Windows (>= 4.4)
    NETStandard.Library (2.0.2)
      Microsoft.NETCore.Platforms (>= 1.1)
    NETStandard.Library.NETFramework (2.0.0-preview2-25405-01)
    Newtonsoft.Json (11.0.2)
    runtime.native.System (4.3)
      Microsoft.NETCore.Platforms (>= 1.1)
      Microsoft.NETCore.Targets (>= 1.1)
    System.Collections (4.3)
      Microsoft.NETCore.Platforms (>= 1.1)
      Microsoft.NETCore.Targets (>= 1.1)
      System.Runtime (>= 4.3)
    System.Collections.Immutable (1.4)
    System.Diagnostics.Debug (4.3)
      Microsoft.NETCore.Platforms (>= 1.1)
      Microsoft.NETCore.Targets (>= 1.1)
      System.Runtime (>= 4.3)
    System.Diagnostics.FileVersionInfo (4.3)
      Microsoft.NETCore.Platforms (>= 1.1)
      System.Globalization (>= 4.3)
      System.IO (>= 4.3)
      System.IO.FileSystem (>= 4.3)
      System.IO.FileSystem.Primitives (>= 4.3)
      System.Reflection.Metadata (>= 1.4.1)
      System.Runtime (>= 4.3)
      System.Runtime.Extensions (>= 4.3)
      System.Runtime.InteropServices (>= 4.3)
    System.Diagnostics.Process (4.3)
      Microsoft.NETCore.Platforms (>= 1.1)
      Microsoft.Win32.Primitives (>= 4.3)
      Microsoft.Win32.Registry (>= 4.3)
      runtime.native.System (>= 4.3)
      System.Collections (>= 4.3)
      System.Diagnostics.Debug (>= 4.3)
      System.Globalization (>= 4.3)
      System.IO (>= 4.3)
      System.IO.FileSystem (>= 4.3)
      System.IO.FileSystem.Primitives (>= 4.3)
      System.Resources.ResourceManager (>= 4.3)
      System.Runtime (>= 4.3)
      System.Runtime.Extensions (>= 4.3)
      System.Runtime.Handles (>= 4.3)
      System.Runtime.InteropServices (>= 4.3)
      System.Text.Encoding (>= 4.3)
      System.Text.Encoding.Extensions (>= 4.3)
      System.Threading (>= 4.3)
      System.Threading.Tasks (>= 4.3)
      System.Threading.Thread (>= 4.3)
      System.Threading.ThreadPool (>= 4.3)
    System.Globalization (4.3)
      Microsoft.NETCore.Platforms (>= 1.1)
      Microsoft.NETCore.Targets (>= 1.1)
      System.Runtime (>= 4.3)
    System.IO (4.3)
      Microsoft.NETCore.Platforms (>= 1.1)
      Microsoft.NETCore.Targets (>= 1.1)
      System.Runtime (>= 4.3)
      System.Text.Encoding (>= 4.3)
      System.Threading.Tasks (>= 4.3)
    System.IO.FileSystem (4.3)
      Microsoft.NETCore.Platforms (>= 1.1)
      Microsoft.NETCore.Targets (>= 1.1)
      System.IO (>= 4.3)
      System.IO.FileSystem.Primitives (>= 4.3)
      System.Runtime (>= 4.3)
      System.Runtime.Handles (>= 4.3)
      System.Text.Encoding (>= 4.3)
      System.Threading.Tasks (>= 4.3)
    System.IO.FileSystem.Primitives (4.3)
      System.Runtime (>= 4.3)
    System.IO.FileSystem.Watcher (4.3)
      Microsoft.NETCore.Platforms (>= 1.1)
      Microsoft.Win32.Primitives (>= 4.3)
      runtime.native.System (>= 4.3)
      System.Collections (>= 4.3)
      System.IO.FileSystem (>= 4.3)
      System.IO.FileSystem.Primitives (>= 4.3)
      System.Resources.ResourceManager (>= 4.3)
      System.Runtime (>= 4.3)
      System.Runtime.Extensions (>= 4.3)
      System.Runtime.Handles (>= 4.3)
      System.Runtime.InteropServices (>= 4.3)
      System.Text.Encoding (>= 4.3)
      System.Threading (>= 4.3)
      System.Threading.Overlapped (>= 4.3)
      System.Threading.Tasks (>= 4.3)
      System.Threading.Thread (>= 4.3)
    System.Reflection (4.3)
      Microsoft.NETCore.Platforms (>= 1.1)
      Microsoft.NETCore.Targets (>= 1.1)
      System.IO (>= 4.3)
      System.Reflection.Primitives (>= 4.3)
      System.Runtime (>= 4.3)
    System.Reflection.Metadata (1.5)
      System.Collections.Immutable (>= 1.4)
    System.Reflection.Primitives (4.3)
      Microsoft.NETCore.Platforms (>= 1.1)
      Microsoft.NETCore.Targets (>= 1.1)
      System.Runtime (>= 4.3)
    System.Resources.ResourceManager (4.3)
      Microsoft.NETCore.Platforms (>= 1.1)
      Microsoft.NETCore.Targets (>= 1.1)
      System.Globalization (>= 4.3)
      System.Reflection (>= 4.3)
      System.Runtime (>= 4.3)
    System.Runtime (4.3)
      Microsoft.NETCore.Platforms (>= 1.1)
      Microsoft.NETCore.Targets (>= 1.1)
    System.Runtime.Extensions (4.3)
      Microsoft.NETCore.Platforms (>= 1.1)
      Microsoft.NETCore.Targets (>= 1.1)
      System.Runtime (>= 4.3)
    System.Runtime.Handles (4.3)
      Microsoft.NETCore.Platforms (>= 1.1)
      Microsoft.NETCore.Targets (>= 1.1)
      System.Runtime (>= 4.3)
    System.Runtime.InteropServices (4.3)
      Microsoft.NETCore.Platforms (>= 1.1)
      Microsoft.NETCore.Targets (>= 1.1)
      System.Reflection (>= 4.3)
      System.Reflection.Primitives (>= 4.3)
      System.Runtime (>= 4.3)
      System.Runtime.Handles (>= 4.3)
    System.Runtime.Numerics (4.3)
      System.Globalization (>= 4.3)
      System.Resources.ResourceManager (>= 4.3)
      System.Runtime (>= 4.3)
      System.Runtime.Extensions (>= 4.3)
    System.Security.AccessControl (4.4.1)
      System.Security.Principal.Windows (>= 4.4)
    System.Security.Principal.Windows (4.4.1)
    System.Text.Encoding (4.3)
      Microsoft.NETCore.Platforms (>= 1.1)
      Microsoft.NETCore.Targets (>= 1.1)
      System.Runtime (>= 4.3)
    System.Text.Encoding.Extensions (4.3)
      Microsoft.NETCore.Platforms (>= 1.1)
      Microsoft.NETCore.Targets (>= 1.1)
      System.Runtime (>= 4.3)
      System.Text.Encoding (>= 4.3)
    System.Threading (4.3)
      System.Runtime (>= 4.3)
      System.Threading.Tasks (>= 4.3)
    System.Threading.Overlapped (4.3)
      Microsoft.NETCore.Platforms (>= 1.1)
      System.Resources.ResourceManager (>= 4.3)
      System.Runtime (>= 4.3)
      System.Runtime.Handles (>= 4.3)
    System.Threading.Tasks (4.3)
      Microsoft.NETCore.Platforms (>= 1.1)
      Microsoft.NETCore.Targets (>= 1.1)
      System.Runtime (>= 4.3)
    System.Threading.Thread (4.3)
      System.Runtime (>= 4.3)
    System.Threading.ThreadPool (4.3)
      System.Runtime (>= 4.3)
      System.Runtime.Handles (>= 4.3)
